GEM
  remote: http://rubygems.org/
  specs:
    diff-lcs (1.4.4)
    mysql2 (0.5.3)
    rspec (3.10.0)
      rspec-core (~> 3.10.0)
      rspec-expectations (~> 3.10.0)
      rspec-mocks (~> 3.10.0)
    rspec-core (3.10.0)
      rspec-support (~> 3.10.0)
    rspec-expectations (3.10.0)
      diff-lcs (>= 1.2.0, < 2.0)
      rspec-support (~> 3.10.0)
    rspec-mocks (3.10.0)
      diff-lcs (>= 1.2.0, < 2.0)
      rspec-support (~> 3.10.0)
    rspec-support (3.10.0)
    sequel (5.55.0)

PLATFORMS
  ruby

DEPENDENCIES
  mysql2
  rspec
  sequel (~> 5.55)

RUBY VERSION
   ruby 2.7.2p137

BUNDLED WITH
   2.1.4