GEM
  remote: http://rubygems.org/
  specs:
    bigdecimal (3.1.8)
    diff-lcs (1.5.0)
    mysql2 (0.5.5)
    rspec (3.12.0)
      rspec-core (~> 3.12.0)
      rspec-expectations (~> 3.12.0)
      rspec-mocks (~> 3.12.0)
    rspec-core (3.12.0)
      rspec-support (~> 3.12.0)
    rspec-expectations (3.12.0)
      diff-lcs (>= 1.2.0, < 2.0)
      rspec-support (~> 3.12.0)
    rspec-mocks (3.12.0)
      diff-lcs (>= 1.2.0, < 2.0)
      rspec-support (~> 3.12.0)
    rspec-support (3.12.0)
    sequel (5.85.0)
      bigdecimal

PLATFORMS
  ruby

DEPENDENCIES
  mysql2
  rspec
  sequel (~> 5.85)

RUBY VERSION
   ruby 3.2.1p31

BUNDLED WITH
   2.1.4
